GEM
  remote: http://rubygems.org/
  specs:
    activemodel (3.1.1)
      activesupport (= 3.1.1)
      builder (~> 3.0.0)
      i18n (~> 0.6)
    activesupport (3.1.1)
      multi_json (~> 1.0)
    bson (1.4.0)
    bson_ext (1.4.0)
    builder (3.0.0)
    haml (3.1.3)
    i18n (0.6.0)
    interact (0.2)
    json (1.6.1)
    json_pure (1.5.4)
      spruz (~> 0.2.8)
    mime-types (1.17.2)
    mongo (1.4.0)
      bson (= 1.4.0)
    mongoid (2.2.4)
      activemodel (~> 3.0)
      mongo (~> 1.3)
      tzinfo (~> 0.3.22)
    multi_json (1.0.3)
    newrelic_rpm (3.3.0)
    rack (1.3.5)
    rack-flash (0.1.2)
      rack
    rack-protection (1.1.4)
      rack
    rest-client (1.6.7)
      mime-types (>= 1.16)
    rubyzip2 (2.0.1)
    sinatra (1.3.1)
      rack (>= 1.3.4, ~> 1.3)
      rack-protection (>= 1.1.2, ~> 1.1)
      tilt (>= 1.3.3, ~> 1.3)
    spruz (0.2.13)
    terminal-table (1.4.4)
    tilt (1.3.3)
    tzinfo (0.3.31)
    vmc (0.3.13)
      interact (~> 0.2.0)
      json_pure (~> 1.5.1)
      rest-client (< 1.7.0, >= 1.6.1)
      rubyzip2 (~> 2.0.1)
      terminal-table (~> 1.4.2)
    zip (2.0.2)

PLATFORMS
  ruby

DEPENDENCIES
  bson_ext (~> 1.4)
  haml
  json
  mongoid (~> 2.2.4)
  newrelic_rpm
  rack-flash
  sinatra
  vmc
  zip (~> 2.0.2)
